GEM
  remote: http://rubygems.org/
  specs:
    haml (3.1.7)
    httparty (0.9.0)
      multi_json (~> 1.0)
      multi_xml
    multi_json (1.5.0)
    multi_xml (0.5.1)
    rack (1.4.1)
    rack-protection (1.3.2)
      rack
    sinatra (1.3.3)
      rack (~> 1.3, >= 1.3.6)
      rack-protection (~> 1.2)
      tilt (~> 1.3, >= 1.3.3)
    tilt (1.3.3)

PLATFORMS
  ruby

DEPENDENCIES
  haml
  httparty
  sinatra
